GEM
  remote: https://rubygems.org/
  specs:
    fxruby (1.6.33)
      mini_portile (~> 0.6)
    mini_portile (0.6.2)
    serialport (1.3.1)

PLATFORMS
  ruby

DEPENDENCIES
  fxruby
  serialport

BUNDLED WITH
   1.11.2
